GEM
  remote: https://rubygems.org/
  specs:
    websocket (1.2.9)

PLATFORMS
  x86_64-linux

DEPENDENCIES
  websocket

RUBY VERSION
   ruby 3.0.3p157

BUNDLED WITH
   2.2.32
